GEM
  remote: https://rubygems.org/
  specs:
    activesupport (4.1.1)
      i18n (~> 0.6, >= 0.6.9)
      json (~> 1.7, >= 1.7.7)
      minitest (~> 5.1)
      thread_safe (~> 0.1)
      tzinfo (~> 1.1)
    awesome_print (1.2.0)
    backports (3.6.0)
    barby (0.5.1)
    binding_of_caller (0.7.2)
      debug_inspector (>= 0.0.1)
    builder (3.2.2)
    byebug (2.7.0)
      columnize (~> 0.3)
      debugger-linecache (~> 1.2)
    coderay (1.1.0)
    colorize (0.7.2)
    columnize (0.8.9)
    coveralls (0.7.0)
      multi_json (~> 1.3)
      rest-client
      simplecov (>= 0.7)
      term-ansicolor
      thor
    debug_inspector (0.0.2)
    debugger-linecache (1.2.0)
    diff-lcs (1.2.5)
    docile (1.1.3)
    i18n (0.6.9)
    icepick (1.1.1)
      awesome_print (~> 1.2)
      colorize (~> 0.7.2)
      pry (~> 0.9.12)
      pry-byebug (~> 1.3.2)
      pry-doc (~> 0.6.0)
      pry-stack_explorer (~> 0.4.9)
    json (1.8.1)
    method_source (0.8.2)
    mime-types (2.2)
    minitest (5.3.3)
    multi_json (1.10.0)
    pry (0.9.12.6)
      coderay (~> 1.0)
      method_source (~> 0.8)
      slop (~> 3.4)
    pry-byebug (1.3.2)
      byebug (~> 2.7)
      pry (~> 0.9.12)
    pry-doc (0.6.0)
      pry (~> 0.9)
      yard (~> 0.8)
    pry-stack_explorer (0.4.9.1)
      binding_of_caller (>= 0.7)
      pry (>= 0.9.11)
    rack (1.5.2)
    rack-protection (1.5.3)
      rack
    rack-test (0.6.2)
      rack (>= 1.0)
    rake (10.3.1)
    rest-client (1.6.7)
      mime-types (>= 1.16)
    rmagick (2.13.2)
    rqrcode (0.4.2)
    rr (1.1.2)
    rspec (2.14.1)
      rspec-core (~> 2.14.0)
      rspec-expectations (~> 2.14.0)
      rspec-mocks (~> 2.14.0)
    rspec-core (2.14.8)
    rspec-expectations (2.14.5)
      diff-lcs (>= 1.1.3, < 2.0)
    rspec-mocks (2.14.6)
    simplecov (0.8.2)
      docile (~> 1.1.0)
      multi_json
      simplecov-html (~> 0.8.0)
    simplecov-html (0.8.0)
    sinatra (1.4.5)
      rack (~> 1.4)
      rack-protection (~> 1.4)
      tilt (~> 1.3, >= 1.3.4)
    sinatra-contrib (1.4.2)
      backports (>= 2.0)
      multi_json
      rack-protection
      rack-test
      sinatra (~> 1.4.0)
      tilt (~> 1.3)
    sinatra-cross_origin (0.3.2)
    slop (3.5.0)
    term-ansicolor (1.3.0)
      tins (~> 1.0)
    thor (0.19.1)
    thread_safe (0.3.3)
    tilt (1.4.1)
    tins (1.2.0)
    tzinfo (1.1.0)
      thread_safe (~> 0.1)
    yard (0.8.7.4)

PLATFORMS
  ruby

DEPENDENCIES
  activesupport (~> 4.1.0)
  barby
  builder (~> 3.2.2)
  coveralls
  icepick (~> 1.1.1)
  rack-test
  rake
  rmagick (= 2.13.2)
  rqrcode
  rr
  rspec
  simplecov (~> 0.7)
  sinatra (~> 1.4.5)
  sinatra-contrib (~> 1.4.2)
  sinatra-cross_origin (~> 0.3.1)
